GEM
  remote: http://rubygems.org/
  specs:
    archive-tar-minitar (0.5.2)
    columnize (0.3.6)
    diff-lcs (1.1.3)
    linecache19 (0.5.12)
      ruby_core_source (>= 0.1.4)
    maruku (0.6.0)
      syntax (>= 1.0.0)
    rspec (2.9.0)
      rspec-core (~> 2.9.0)
      rspec-expectations (~> 2.9.0)
      rspec-mocks (~> 2.9.0)
    rspec-core (2.9.0)
    rspec-expectations (2.9.0)
      diff-lcs (~> 1.1.3)
    rspec-mocks (2.9.0)
    ruby-debug-base19 (0.11.25)
      columnize (>= 0.3.1)
      linecache19 (>= 0.5.11)
      ruby_core_source (>= 0.1.4)
    ruby-debug19 (0.11.6)
      columnize (>= 0.3.1)
      linecache19 (>= 0.5.11)
      ruby-debug-base19 (>= 0.11.19)
    ruby_core_source (0.1.5)
      archive-tar-minitar (>= 0.5.2)
    syntax (1.0.0)
    yard (0.7.4)

PLATFORMS
  ruby

DEPENDENCIES
  maruku (~> 0.6.0)
  rspec (~> 2.9.0)
  ruby-debug19 (~> 0.11)
  yard
