GEM
  remote: http://rubygems.org/
  specs:
    diff-lcs (1.1.3)
    redcarpet (2.0.1)
    rspec (2.7.0)
      rspec-core (~> 2.7.0)
      rspec-expectations (~> 2.7.0)
      rspec-mocks (~> 2.7.0)
    rspec-core (2.7.1)
    rspec-expectations (2.7.0)
      diff-lcs (~> 1.1.2)
    rspec-mocks (2.7.0)
    yard (0.7.4)

PLATFORMS
  ruby

DEPENDENCIES
  redcarpet
  rspec (~> 2.7.0)
  yard
